PATH
  remote: .
  specs:
    augmented_interval_tree (0.1.1)

GEM
  remote: https://rubygems.org/
  specs:
    diff-lcs (1.3)
    rspec (2.99.0)
      rspec-core (~> 2.99.0)
      rspec-expectations (~> 2.99.0)
      rspec-mocks (~> 2.99.0)
    rspec-core (2.99.2)
    rspec-expectations (2.99.2)
      diff-lcs (>= 1.1.3, < 2.0)
    rspec-mocks (2.99.4)

PLATFORMS
  ruby

DEPENDENCIES
  augmented_interval_tree!
  rspec (~> 2.11)

BUNDLED WITH
   1.14.2
